PATH
  remote: .
  specs:
    meta_reports (0.0.1)
      axlsx_rails
      prawn_rails
      rails (~> 3.2.14)

GEM
  remote: https://rubygems.org/
  specs:
    Ascii85 (1.0.2)
    actionmailer (3.2.14)
      actionpack (= 3.2.14)
      mail (~> 2.5.4)
    actionpack (3.2.14)
      activemodel (= 3.2.14)
      activesupport (= 3.2.14)
      builder (~> 3.0.0)
      erubis (~> 2.7.0)
      journey (~> 1.0.4)
      rack (~> 1.4.5)
      rack-cache (~> 1.2)
      rack-test (~> 0.6.1)
      sprockets (~> 2.2.1)
    activemodel (3.2.14)
      activesupport (= 3.2.14)
      builder (~> 3.0.0)
    activerecord (3.2.14)
      activemodel (= 3.2.14)
      activesupport (= 3.2.14)
      arel (~> 3.0.2)
      tzinfo (~> 0.3.29)
    activeresource (3.2.14)
      activemodel (= 3.2.14)
      activesupport (= 3.2.14)
    activesupport (3.2.14)
      i18n (~> 0.6, >= 0.6.4)
      multi_json (~> 1.0)
    afm (0.2.0)
    arel (3.0.2)
    axlsx (1.3.6)
      htmlentities (~> 4.3.1)
      nokogiri (>= 1.4.1)
      rubyzip (>= 0.9.5)
    axlsx_rails (0.1.4)
      axlsx
      rails (>= 3.1)
    builder (3.0.4)
    capybara (2.1.0)
      mime-types (>= 1.16)
      nokogiri (>= 1.3.3)
      rack (>= 1.0.0)
      rack-test (>= 0.5.4)
      xpath (~> 2.0)
    choice (0.1.6)
    coderay (1.0.9)
    columnize (0.3.6)
    daemons (1.1.9)
    debugger (1.6.0)
      columnize (>= 0.3.1)
      debugger-linecache (~> 1.2.0)
      debugger-ruby_core_source (~> 1.2.1)
    debugger-linecache (1.2.0)
    debugger-ruby_core_source (1.2.2)
    diff-lcs (1.2.4)
    erubis (2.7.0)
    eventmachine (1.0.3)
    faraday (0.8.8)
      multipart-post (~> 1.2.0)
    ffi (1.9.0)
    formatador (0.2.4)
    genspec (0.2.8)
      rspec (~> 2)
      sc-core-ext (~> 1.2.1)
      thor
    google-spreadsheet-ruby (0.3.1)
      google_drive (>= 0.3.0)
    google_drive (0.3.6)
      nokogiri (>= 1.4.4, != 1.5.2, != 1.5.1)
      oauth (>= 0.3.6)
      oauth2 (>= 0.5.0)
    growl (1.0.3)
    guard (1.8.1)
      formatador (>= 0.2.4)
      listen (>= 1.0.0)
      lumberjack (>= 1.0.2)
      pry (>= 0.9.10)
      thor (>= 0.14.6)
    guard-rspec (3.0.2)
      guard (>= 1.8)
      rspec (~> 2.13)
    hashery (2.1.0)
    hike (1.2.3)
    htmlentities (4.3.1)
    httpauth (0.2.0)
    i18n (0.6.4)
    journey (1.0.4)
    jquery-rails (3.0.4)
      railties (>= 3.0, < 5.0)
      thor (>= 0.14, < 2.0)
    json (1.8.0)
    jwt (0.1.8)
      multi_json (>= 1.5)
    listen (1.2.2)
      rb-fsevent (>= 0.9.3)
      rb-inotify (>= 0.9)
      rb-kqueue (>= 0.2)
    log4r (1.1.10)
    lumberjack (1.0.4)
    mail (2.5.4)
      mime-types (~> 1.16)
      treetop (~> 1.4.8)
    method_source (0.8.1)
    mime-types (1.23)
    mini_portile (0.5.1)
    multi_json (1.7.7)
    multi_xml (0.5.4)
    multipart-post (1.2.0)
    nokogiri (1.6.0)
      mini_portile (~> 0.5.0)
    oauth (0.4.7)
    oauth2 (0.9.2)
      faraday (~> 0.8)
      httpauth (~> 0.2)
      jwt (~> 0.1.4)
      multi_json (~> 1.0)
      multi_xml (~> 0.5)
      rack (~> 1.2)
    pdf-reader (1.3.3)
      Ascii85 (~> 1.0.0)
      afm (~> 0.2.0)
      hashery (~> 2.0)
      ruby-rc4
      ttfunk
    polyglot (0.3.3)
    prawn (0.12.0)
      pdf-reader (>= 0.9.0)
      ttfunk (~> 1.0.2)
    prawn_rails (0.0.11)
      prawn (>= 0.11.1)
      railties (>= 3.0.0)
    pry (0.9.12.2)
      coderay (~> 1.0.5)
      method_source (~> 0.8)
      slop (~> 3.4)
    pry-debugger (0.2.2)
      debugger (~> 1.3)
      pry (~> 0.9.10)
    pry-rails (0.3.1)
      pry (>= 0.9.10)
    rack (1.4.5)
    rack-cache (1.2)
      rack (>= 0.4)
    rack-ssl (1.3.3)
      rack
    rack-test (0.6.2)
      rack (>= 1.0)
    rails (3.2.14)
      actionmailer (= 3.2.14)
      actionpack (= 3.2.14)
      activerecord (= 3.2.14)
      activeresource (= 3.2.14)
      activesupport (= 3.2.14)
      bundler (~> 1.0)
      railties (= 3.2.14)
    railties (3.2.14)
      actionpack (= 3.2.14)
      activesupport (= 3.2.14)
      rack-ssl (~> 1.3.2)
      rake (>= 0.8.7)
      rdoc (~> 3.4)
      thor (>= 0.14.6, < 2.0)
    rake (10.1.0)
    rb-fsevent (0.9.3)
    rb-inotify (0.9.0)
      ffi (>= 0.5.0)
    rb-kqueue (0.2.0)
      ffi (>= 0.5.0)
    rdoc (3.12.2)
      json (~> 1.4)
    roo (1.10.1)
      choice (>= 0.1.4)
      google-spreadsheet-ruby (>= 0.1.5)
      nokogiri (>= 1.5.0)
      rubyzip (>= 0.9.4)
      spreadsheet (> 0.6.4)
      todonotes (>= 0.1.0)
    rspec (2.14.1)
      rspec-core (~> 2.14.0)
      rspec-expectations (~> 2.14.0)
      rspec-mocks (~> 2.14.0)
    rspec-core (2.14.4)
    rspec-expectations (2.14.0)
      diff-lcs (>= 1.1.3, < 2.0)
    rspec-mocks (2.14.1)
    rspec-rails (2.14.0)
      actionpack (>= 3.0)
      activesupport (>= 3.0)
      railties (>= 3.0)
      rspec-core (~> 2.14.0)
      rspec-expectations (~> 2.14.0)
      rspec-mocks (~> 2.14.0)
    ruby-ole (1.2.11.7)
    ruby-rc4 (0.1.5)
    rubyzip (0.9.9)
    sc-core-ext (1.2.1)
      activesupport (>= 2.3.5)
    slop (3.4.6)
    spreadsheet (0.8.7)
      ruby-ole (>= 1.0)
    sprockets (2.2.2)
      hike (~> 1.2)
      multi_json (~> 1.0)
      rack (~> 1.0)
      tilt (~> 1.1, != 1.3.0)
    sqlite3 (1.3.7)
    thin (1.5.1)
      daemons (>= 1.0.9)
      eventmachine (>= 0.12.6)
      rack (>= 1.0.0)
    thor (0.18.1)
    tilt (1.4.1)
    todonotes (0.1.1)
      log4r
    treetop (1.4.15)
      polyglot
      polyglot (>= 0.3.1)
    ttfunk (1.0.3)
    tzinfo (0.3.37)
    xpath (2.0.0)
      nokogiri (~> 1.3)

PLATFORMS
  ruby

DEPENDENCIES
  bundler (~> 1.3)
  capybara
  genspec
  growl
  guard-rspec
  jquery-rails
  meta_reports!
  pry-debugger
  pry-rails
  rake
  rb-fsevent
  roo (= 1.10.1)
  rspec-rails
  sqlite3
  thin
